GEM
  remote: https://rubygems.org/
  specs:
    benchmark-ips (2.7.2)
    kalibera (0.1)
      memoist (~> 0.11.0)
      rbzip2 (~> 0.2.0)
    memoist (0.11.0)
    rbzip2 (0.2.0)

PLATFORMS
  ruby

DEPENDENCIES
  benchmark-ips
  kalibera

BUNDLED WITH
   1.14.6
